GEM
  remote: https://rubygems.org/
  specs:
    aws-sdk (2.6.36)
      aws-sdk-resources (= 2.6.36)
    aws-sdk-core (2.6.36)
      aws-sigv4 (~> 1.0)
      jmespath (~> 1.0)
    aws-sdk-resources (2.6.36)
      aws-sdk-core (= 2.6.36)
    aws-sigv4 (1.0.0)
    jmespath (1.3.1)
    minitest (5.10.1)

PLATFORMS
  ruby

DEPENDENCIES
  aws-sdk
  minitest (~> 5.8)

BUNDLED WITH
   1.14.4
